GEM
  remote: https://rubygems.org/
  specs:
    builder (3.2.2)
    daemons (1.2.4)
    eventmachine (1.2.2)
    rack (1.5.2)
    rack-cache (1.7.0)
      rack (>= 0.4)
    rack-protection (1.5.3)
      rack
    sinatra (1.4.8)
      rack (~> 1.5)
      rack-protection (~> 1.4)
      tilt (>= 1.3, < 3)
    thin (1.7.0)
      daemons (~> 1.0, >= 1.0.9)
      eventmachine (~> 1.0, >= 1.0.4)
      rack (>= 1, < 3)
    tilt (2.0.6)
    xml-sitemap (1.3.3)
      builder (>= 2.0)

PLATFORMS
  ruby

DEPENDENCIES
  rack-cache (~> 1.7.0)
  sinatra (~> 1.4.8)
  thin (~> 1.7.0)
  xml-sitemap (~> 1.3.3)

RUBY VERSION
   ruby 2.3.3p222

BUNDLED WITH
   1.14.3
