GEM
  remote: https://rubygems.org/
  specs:
    builder (3.2.3)
    daemons (1.2.6)
    eventmachine (1.2.7)
    mustermann (1.0.3)
    rack (2.0.6)
    rack-cache (1.7.2)
      rack (>= 0.4)
    rack-protection (2.0.4)
      rack
    sinatra (2.0.4)
      mustermann (~> 1.0)
      rack (~> 2.0)
      rack-protection (= 2.0.4)
      tilt (~> 2.0)
    thin (1.7.2)
      daemons (~> 1.0, >= 1.0.9)
      eventmachine (~> 1.0, >= 1.0.4)
      rack (>= 1, < 3)
    tilt (2.0.8)
    xml-sitemap (1.3.3)
      builder (>= 2.0)

PLATFORMS
  ruby

DEPENDENCIES
  rack-cache (~> 1.7.2)
  sinatra (~> 2.0.1)
  thin (~> 1.7.2)
  xml-sitemap (~> 1.3.3)

RUBY VERSION
   ruby 2.5.1p57

BUNDLED WITH
   1.16.5
